STORAGE: NONE
RESTRICTION: == net7.0
NUGET
  remote: https://api.nuget.org/v3/index.json
    FSharp.Core (7.0.200)
    protobuf-net (3.2.12)
      protobuf-net.Core (>= 3.2.12)
    protobuf-net.Core (3.2.12)
      System.Collections.Immutable (>= 7.0)
    System.Collections.Immutable (7.0)

GROUP test
STORAGE: NONE
RESTRICTION: == net7.0
NUGET
  remote: https://api.nuget.org/v3/index.json
    FSharp.Core (7.0.200)
    FsUnit (5.2)
      FSharp.Core (>= 6.0.7)
      NUnit (>= 3.13.3 < 3.14)
    Microsoft.CodeCoverage (17.5)
    Microsoft.NET.Test.Sdk (17.5)
      Microsoft.CodeCoverage (>= 17.5)
      Microsoft.TestPlatform.TestHost (>= 17.5)
    Microsoft.NETCore.Platforms (7.0)
    Microsoft.TestPlatform.ObjectModel (17.5)
      NuGet.Frameworks (>= 5.11)
      System.Reflection.Metadata (>= 1.6)
    Microsoft.TestPlatform.TestHost (17.5)
      Microsoft.TestPlatform.ObjectModel (>= 17.5)
      Newtonsoft.Json (>= 13.0.1)
    NETStandard.Library (2.0.3)
      Microsoft.NETCore.Platforms (>= 1.1)
    Newtonsoft.Json (13.0.2)
    NuGet.Frameworks (6.5)
    NUnit (3.13.3)
      NETStandard.Library (>= 2.0)
    protobuf-net (3.2.12)
      protobuf-net.Core (>= 3.2.12)
    protobuf-net.Core (3.2.12)
      System.Collections.Immutable (>= 7.0)
    System.Collections.Immutable (7.0)
    System.Reflection.Metadata (7.0)
      System.Collections.Immutable (>= 7.0)
