STORAGE: NONE
RESTRICTION: || (== net7.0) (== net8.0) (== net9.0) (== netstandard2.1)
NUGET
  remote: https://api.nuget.org/v3/index.json
    FSharp.Core (9.0.100)
    protobuf-net (3.2.45)
      protobuf-net.Core (>= 3.2.45)
    protobuf-net.Core (3.2.45)
      System.Collections.Immutable (>= 7.0)
    System.Buffers (4.6) - restriction: || (&& (== net7.0) (>= net462)) (&& (== net7.0) (< netcoreapp2.1)) (&& (== net8.0) (>= net462)) (&& (== net9.0) (>= net462)) (&& (== net9.0) (< netcoreapp2.1)) (== netstandard2.1)
    System.Collections.Immutable (9.0)
      System.Memory (>= 4.5.5) - restriction: || (== net7.0) (&& (== net8.0) (>= net462)) (&& (== net9.0) (>= net462)) (&& (== net9.0) (< net8.0)) (== netstandard2.1)
      System.Runtime.CompilerServices.Unsafe (>= 6.0) - restriction: || (== net7.0) (&& (== net8.0) (>= net462)) (&& (== net9.0) (>= net462)) (&& (== net9.0) (< net8.0)) (== netstandard2.1)
    System.Memory (4.6) - restriction: || (== net7.0) (&& (== net8.0) (>= net462)) (&& (== net9.0) (>= net462)) (&& (== net9.0) (< net8.0)) (== netstandard2.1)
      System.Buffers (>= 4.6) - restriction: || (&& (== net7.0) (>= net462)) (&& (== net7.0) (< netcoreapp2.1)) (&& (== net8.0) (>= net462)) (&& (== net8.0) (< netcoreapp2.1)) (&& (== net9.0) (>= net462)) (&& (== net9.0) (< netcoreapp2.1)) (== netstandard2.1)
      System.Numerics.Vectors (>= 4.6) - restriction: || (&& (== net7.0) (>= net462)) (&& (== net7.0) (< netcoreapp2.1)) (&& (== net8.0) (>= net462)) (&& (== net8.0) (< netcoreapp2.1)) (&& (== net9.0) (>= net462)) (&& (== net9.0) (< netcoreapp2.1)) (== netstandard2.1)
      System.Runtime.CompilerServices.Unsafe (>= 6.1) - restriction: || (&& (== net7.0) (>= net462)) (&& (== net7.0) (< netcoreapp2.1)) (&& (== net8.0) (>= net462)) (&& (== net8.0) (< netcoreapp2.1)) (&& (== net9.0) (>= net462)) (&& (== net9.0) (< netcoreapp2.1)) (== netstandard2.1)
    System.Numerics.Vectors (4.6) - restriction: || (&& (== net7.0) (>= net462)) (&& (== net7.0) (< netcoreapp2.1)) (&& (== net8.0) (>= net462)) (&& (== net9.0) (>= net462)) (&& (== net9.0) (< netcoreapp2.1)) (== netstandard2.1)
    System.Runtime.CompilerServices.Unsafe (6.1) - restriction: || (== net7.0) (&& (== net8.0) (>= net462)) (&& (== net9.0) (>= net462)) (&& (== net9.0) (< net8.0)) (&& (== net9.0) (< netcoreapp2.1)) (== netstandard2.1)

GROUP test
STORAGE: NONE
RESTRICTION: == net9.0
NUGET
  remote: https://api.nuget.org/v3/index.json
    FSharp.Core (9.0.100)
    FsUnit (7.0)
      FSharp.Core (>= 5.0.2)
      NUnit (>= 4.0.1)
    Microsoft.CodeCoverage (17.12)
    Microsoft.NET.Test.Sdk (17.12)
      Microsoft.CodeCoverage (>= 17.12)
      Microsoft.TestPlatform.TestHost (>= 17.12)
    Microsoft.TestPlatform.ObjectModel (17.12)
      System.Reflection.Metadata (>= 1.6)
    Microsoft.TestPlatform.TestHost (17.12)
      Microsoft.TestPlatform.ObjectModel (>= 17.12)
      Newtonsoft.Json (>= 13.0.1)
    Newtonsoft.Json (13.0.3)
    NUnit (4.3.1)
    NUnit.Analyzers (4.5)
    NUnit3TestAdapter (4.6)
    protobuf-net (3.2.45)
      protobuf-net.Core (>= 3.2.45)
    protobuf-net.Core (3.2.45)
      System.Collections.Immutable (>= 7.0)
    System.Collections.Immutable (9.0)
    System.Reflection.Metadata (9.0)
