STORAGE: NONE
RESTRICTION: || (== net462) (== net6.0) (== net8.0) (== netstandard2.0) (== netstandard2.1)
NUGET
  remote: https://api.nuget.org/v3/index.json
    FSharp.Core (8.0.200)
    protobuf-net (3.2.30)
      protobuf-net.Core (>= 3.2.30)
      System.Reflection.Emit (>= 4.7) - restriction: || (&& (== net462) (== net6.0)) (&& (== net462) (== net8.0)) (&& (== net6.0) (< netstandard2.1)) (&& (== net8.0) (< netstandard2.1)) (== netstandard2.0)
      System.Reflection.Emit.Lightweight (>= 4.7) - restriction: || (&& (== net462) (== net6.0)) (&& (== net462) (== net8.0)) (&& (== net6.0) (< netstandard2.1)) (&& (== net8.0) (< netstandard2.1)) (== netstandard2.0)
    protobuf-net.Core (3.2.30)
      System.Collections.Immutable (>= 7.0)
      System.Memory (>= 4.5.5) - restriction: || (== net462) (&& (== net6.0) (>= net462)) (&& (== net6.0) (< netstandard2.1)) (&& (== net8.0) (>= net462)) (&& (== net8.0) (< netstandard2.1)) (== netstandard2.0) (&& (== netstandard2.1) (>= net462))
    System.Buffers (4.5.1) - restriction: || (== net462) (&& (== net6.0) (>= monotouch)) (&& (== net6.0) (>= net461)) (&& (== net6.0) (>= net462)) (&& (== net6.0) (< netcoreapp2.0) (< netstandard2.1)) (&& (== net6.0) (< netstandard1.1)) (&& (== net6.0) (< netstandard2.0)) (&& (== net6.0) (< netstandard2.1) (>= xamarinios)) (&& (== net6.0) (< netstandard2.1) (>= xamarinmac)) (&& (== net6.0) (< netstandard2.1) (>= xamarintvos)) (&& (== net6.0) (< netstandard2.1) (>= xamarinwatchos)) (&& (== net8.0) (>= monotouch)) (&& (== net8.0) (>= net461)) (&& (== net8.0) (>= net462)) (&& (== net8.0) (< netcoreapp2.0) (< netstandard2.1)) (&& (== net8.0) (< netstandard1.1)) (&& (== net8.0) (< netstandard2.0)) (&& (== net8.0) (< netstandard2.1) (>= xamarinios)) (&& (== net8.0) (< netstandard2.1) (>= xamarinmac)) (&& (== net8.0) (< netstandard2.1) (>= xamarintvos)) (&& (== net8.0) (< netstandard2.1) (>= xamarinwatchos)) (== netstandard2.0) (&& (== netstandard2.1) (>= net462))
    System.Collections.Immutable (8.0)
      System.Memory (>= 4.5.5) - restriction: || (== net462) (&& (== net6.0) (>= net462)) (&& (== net8.0) (>= net462)) (&& (== net8.0) (< net6.0)) (== netstandard2.0) (== netstandard2.1)
      System.Runtime.CompilerServices.Unsafe (>= 6.0) - restriction: || (== net462) (== net6.0) (&& (== net8.0) (>= net462)) (&& (== net8.0) (< net6.0)) (&& (== net8.0) (< net7.0)) (== netstandard2.0) (== netstandard2.1)
    System.Memory (4.5.5) - restriction: || (== net462) (&& (== net6.0) (>= net462)) (&& (== net6.0) (< netstandard2.1)) (&& (== net8.0) (>= net462)) (&& (== net8.0) (< net6.0)) (&& (== net8.0) (< netstandard2.1)) (== netstandard2.0) (== netstandard2.1)
      System.Buffers (>= 4.5.1) - restriction: || (== net462) (&& (== net6.0) (>= monotouch)) (&& (== net6.0) (>= net461)) (&& (== net6.0) (< netcoreapp2.0)) (&& (== net6.0) (< netstandard1.1)) (&& (== net6.0) (< netstandard2.0)) (&& (== net6.0) (>= xamarinios)) (&& (== net6.0) (>= xamarinmac)) (&& (== net6.0) (>= xamarintvos)) (&& (== net6.0) (>= xamarinwatchos)) (&& (== net8.0) (>= monotouch)) (&& (== net8.0) (>= net461)) (&& (== net8.0) (< netcoreapp2.0)) (&& (== net8.0) (< netstandard1.1)) (&& (== net8.0) (< netstandard2.0)) (&& (== net8.0) (>= xamarinios)) (&& (== net8.0) (>= xamarinmac)) (&& (== net8.0) (>= xamarintvos)) (&& (== net8.0) (>= xamarinwatchos)) (== netstandard2.0) (== netstandard2.1)
      System.Numerics.Vectors (>= 4.4) - restriction: || (&& (== net462) (== net6.0)) (&& (== net462) (== net8.0)) (&& (== net462) (< net45) (>= netstandard2.0)) (&& (== net6.0) (< netcoreapp2.0)) (&& (== net8.0) (< netcoreapp2.0)) (== netstandard2.0) (== netstandard2.1)
      System.Numerics.Vectors (>= 4.5) - restriction: || (== net462) (&& (== net6.0) (>= net461)) (&& (== net8.0) (>= net461)) (&& (== netstandard2.0) (>= net461)) (&& (== netstandard2.1) (>= net461))
      System.Runtime.CompilerServices.Unsafe (>= 4.5.3) - restriction: || (== net462) (&& (== net6.0) (>= monotouch)) (&& (== net6.0) (>= net461)) (&& (== net6.0) (< netcoreapp2.0)) (&& (== net6.0) (< netcoreapp2.1)) (&& (== net6.0) (< netstandard1.1)) (&& (== net6.0) (< netstandard2.0)) (&& (== net6.0) (>= uap10.1)) (&& (== net6.0) (>= xamarinios)) (&& (== net6.0) (>= xamarinmac)) (&& (== net6.0) (>= xamarintvos)) (&& (== net6.0) (>= xamarinwatchos)) (&& (== net8.0) (>= monotouch)) (&& (== net8.0) (>= net461)) (&& (== net8.0) (< netcoreapp2.0)) (&& (== net8.0) (< netcoreapp2.1)) (&& (== net8.0) (< netstandard1.1)) (&& (== net8.0) (< netstandard2.0)) (&& (== net8.0) (>= uap10.1)) (&& (== net8.0) (>= xamarinios)) (&& (== net8.0) (>= xamarinmac)) (&& (== net8.0) (>= xamarintvos)) (&& (== net8.0) (>= xamarinwatchos)) (== netstandard2.0) (== netstandard2.1)
    System.Numerics.Vectors (4.5) - restriction: || (== net462) (&& (== net6.0) (>= net461)) (&& (== net6.0) (>= net462)) (&& (== net6.0) (< netcoreapp2.0) (< netstandard2.1)) (&& (== net8.0) (>= net461)) (&& (== net8.0) (>= net462)) (&& (== net8.0) (< netcoreapp2.0) (< netstandard2.1)) (== netstandard2.0) (&& (== netstandard2.1) (>= net462))
    System.Reflection.Emit (4.7) - restriction: || (&& (== net462) (== net6.0)) (&& (== net462) (== net8.0)) (&& (== net6.0) (< netstandard2.1)) (&& (== net8.0) (< netstandard2.1)) (== netstandard2.0)
      System.Reflection.Emit.ILGeneration (>= 4.7) - restriction: || (&& (== net462) (== net6.0)) (&& (== net462) (== net8.0)) (&& (== net462) (== netstandard2.1)) (&& (== net462) (< net45)) (&& (== net462) (< netstandard1.1)) (&& (== net462) (>= uap10.1)) (&& (== net462) (>= wpa81)) (&& (== net6.0) (< netcoreapp2.0) (< netstandard2.1)) (&& (== net6.0) (< netstandard1.1)) (&& (== net6.0) (< netstandard2.0)) (&& (== net6.0) (>= uap10.1)) (&& (== net8.0) (< netcoreapp2.0) (< netstandard2.1)) (&& (== net8.0) (< netstandard1.1)) (&& (== net8.0) (< netstandard2.0)) (&& (== net8.0) (>= uap10.1)) (== netstandard2.0) (&& (== netstandard2.1) (< netstandard1.1)) (&& (== netstandard2.1) (< netstandard2.0)) (&& (== netstandard2.1) (>= uap10.1))
    System.Reflection.Emit.ILGeneration (4.7) - restriction: || (&& (== net462) (== net6.0)) (&& (== net462) (== net8.0)) (&& (== net6.0) (< netcoreapp2.0) (< netstandard2.1)) (&& (== net6.0) (< netstandard1.1)) (&& (== net6.0) (< netstandard2.0)) (&& (== net6.0) (>= uap10.1)) (&& (== net8.0) (< netcoreapp2.0) (< netstandard2.1)) (&& (== net8.0) (< netstandard1.1)) (&& (== net8.0) (< netstandard2.0)) (&& (== net8.0) (>= uap10.1)) (== netstandard2.0)
    System.Reflection.Emit.Lightweight (4.7) - restriction: || (&& (== net462) (== net6.0)) (&& (== net462) (== net8.0)) (&& (== net6.0) (< netstandard2.1)) (&& (== net8.0) (< netstandard2.1)) (== netstandard2.0)
      System.Reflection.Emit.ILGeneration (>= 4.7) - restriction: || (&& (== net462) (== net6.0)) (&& (== net462) (== net8.0)) (&& (== net462) (== netstandard2.1)) (&& (== net462) (< net45)) (&& (== net462) (< portable-net45+wp8)) (&& (== net462) (>= uap10.1)) (&& (== net462) (>= wpa81)) (&& (== net6.0) (< netcoreapp2.0) (< netstandard2.1)) (&& (== net6.0) (< netstandard2.0)) (&& (== net6.0) (< portable-net45+wp8)) (&& (== net6.0) (>= uap10.1)) (&& (== net8.0) (< netcoreapp2.0) (< netstandard2.1)) (&& (== net8.0) (< netstandard2.0)) (&& (== net8.0) (< portable-net45+wp8)) (&& (== net8.0) (>= uap10.1)) (== netstandard2.0) (&& (== netstandard2.1) (< netstandard2.0)) (&& (== netstandard2.1) (< portable-net45+wp8)) (&& (== netstandard2.1) (>= uap10.1))
    System.Runtime.CompilerServices.Unsafe (6.0) - restriction: || (== net462) (== net6.0) (&& (== net8.0) (>= monotouch)) (&& (== net8.0) (>= net461)) (&& (== net8.0) (>= net462)) (&& (== net8.0) (< net6.0)) (&& (== net8.0) (< net7.0)) (&& (== net8.0) (< netcoreapp2.0) (< netstandard2.1)) (&& (== net8.0) (< netcoreapp2.1) (< netstandard2.1)) (&& (== net8.0) (< netstandard1.1)) (&& (== net8.0) (< netstandard2.0)) (&& (== net8.0) (< netstandard2.1) (>= xamarinios)) (&& (== net8.0) (< netstandard2.1) (>= xamarinmac)) (&& (== net8.0) (< netstandard2.1) (>= xamarintvos)) (&& (== net8.0) (< netstandard2.1) (>= xamarinwatchos)) (&& (== net8.0) (>= uap10.1)) (== netstandard2.0) (== netstandard2.1)

GROUP test
STORAGE: NONE
RESTRICTION: == net8.0
NUGET
  remote: https://api.nuget.org/v3/index.json
    FSharp.Core (8.0.200)
    FsUnit (5.6.1)
      FSharp.Core (>= 5.0.2)
      NUnit (>= 3.14 < 4.0)
    Microsoft.CodeCoverage (17.9)
    Microsoft.NET.Test.Sdk (17.9)
      Microsoft.CodeCoverage (>= 17.9)
      Microsoft.TestPlatform.TestHost (>= 17.9)
    Microsoft.NETCore.Platforms (7.0.4)
    Microsoft.TestPlatform.ObjectModel (17.9)
      System.Reflection.Metadata (>= 1.6)
    Microsoft.TestPlatform.TestHost (17.9)
      Microsoft.TestPlatform.ObjectModel (>= 17.9)
      Newtonsoft.Json (>= 13.0.1)
    NETStandard.Library (2.0.3)
      Microsoft.NETCore.Platforms (>= 1.1)
    Newtonsoft.Json (13.0.3)
    NUnit (3.14)
      NETStandard.Library (>= 2.0)
    NUnit.Analyzers (3.10)
    NUnit3TestAdapter (4.5)
    protobuf-net (3.2.30)
      protobuf-net.Core (>= 3.2.30)
    protobuf-net.Core (3.2.30)
      System.Collections.Immutable (>= 7.0)
    System.Collections.Immutable (8.0)
    System.Reflection.Metadata (8.0)
      System.Collections.Immutable (>= 8.0)
